{
    "TaskName": "localizer",
    "Manufacturer": "SNIRF",
    "PowerLineFrequency": "n/a",
    "SamplingFrequency": 12.594458438287154,
    "SoftwareFilters": "n/a",
    "RecordingDuration": 366.034,
    "RecordingType": "continuous",
    "EEGChannelCount": 0,
    "EOGChannelCount": 0,
    "ECGChannelCount": 0,
    "EMGChannelCount": 0,
    "MiscChannelCount": 0,
    "TriggerChannelCount": 0,
    "NIRSChannelCount": 222,
    "NIRSSourceOptodeCount": 32,
    "NIRSDetectorOptodeCount": 39
}
